GEM
  remote: http://rubygems.org/
  specs:
    rubyzip (0.9.9)

PLATFORMS
  ruby

DEPENDENCIES
  rubyzip (< 1.0.0)

BUNDLED WITH
   1.10.6
